GEM
  remote: https://rubygems.org/
  specs:
    amq-protocol (2.3.0)
    bunny (2.12.0)
      amq-protocol (~> 2.3, >= 2.3.0)
    json (1.8.6)

PLATFORMS
  ruby

DEPENDENCIES
  bunny (~> 2.12)
  json (~> 1.8)

RUBY VERSION
   ruby 2.4.2p198

BUNDLED WITH
   1.16.6
